GIT
  remote: git://github.com/yrral86/mtgox.git
  revision: a01631dade1c9bfaa760f8a2d56aebd45d32e48e
  specs:
    mtgox (0.7.1)
      faraday (~> 0.7)
      faraday_middleware (~> 0.7)
      multi_json (~> 1.0)

GEM
  remote: http://rubygems.org/
  specs:
    addressable (2.2.6)
    faraday (0.7.5)
      addressable (~> 2.2.6)
      multipart-post (~> 1.1.3)
      rack (>= 1.1.0, < 2)
    faraday_middleware (0.7.0)
      faraday (~> 0.7.3)
    multi_json (1.0.4)
    multipart-post (1.1.4)
    rack (1.3.5)

PLATFORMS
  ruby

DEPENDENCIES
  mtgox!
